PATH
  remote: .
  specs:
    rulers (0.0.1)
      rack (~> 3.1)
      webrick (~> 1.0)

GEM
  remote: https://rubygems.org/
  specs:
    diff-lcs (1.5.1)
    minitest (5.25.4)
    rack (3.1.8)
    rack-test (2.2.0)
      rack (>= 1.3)
    rake (13.2.1)
    rspec (3.13.0)
      rspec-core (~> 3.13.0)
      rspec-expectations (~> 3.13.0)
      rspec-mocks (~> 3.13.0)
    rspec-core (3.13.2)
      rspec-support (~> 3.13.0)
    rspec-expectations (3.13.3)
      diff-lcs (>= 1.2.0, < 2.0)
      rspec-support (~> 3.13.0)
    rspec-mocks (3.13.2)
      diff-lcs (>= 1.2.0, < 2.0)
      rspec-support (~> 3.13.0)
    rspec-support (3.13.2)
    webrick (1.9.1)

PLATFORMS
  ruby
  x86_64-darwin-23

DEPENDENCIES
  minitest
  rack-test
  rake (~> 13.0)
  rspec (~> 3.0)
  rulers!
  webrick

BUNDLED WITH
   2.6.2
